PATH
  remote: .
  specs:
    jet_task (0.1.0)
      tldr

GEM
  remote: https://rubygems.org/
  specs:
    attr_extras (7.1.0)
    concurrent-ruby (1.3.4)
    diff-lcs (1.5.1)
    optimist (3.1.0)
    patience_diff (1.2.0)
      optimist (~> 3.0)
    rake (13.2.1)
    super_diff (0.13.0)
      attr_extras (>= 6.2.4)
      diff-lcs
      patience_diff
    tldr (0.10.0)
      concurrent-ruby (~> 1.2)
      super_diff (~> 0.10)

PLATFORMS
  arm64-darwin-22
  ruby

DEPENDENCIES
  jet_task!
  rake (~> 13.0)

BUNDLED WITH
   2.5.10
